PATH
  remote: .
  specs:
    twdeps (0.0.4)
      ruby-graphviz (~> 1.0.7)
      taskwarrior (~> 0.0.6)
      trollop (~> 1)

GEM
  remote: https://rubygems.org/
  specs:
    activemodel (3.2.13)
      activesupport (= 3.2.13)
      builder (~> 3.0.0)
    activesupport (3.2.13)
      i18n (= 0.6.1)
      multi_json (~> 1.0)
    builder (3.0.4)
    ffi (1.0.11)
    guard (1.1.1)
      listen (>= 0.4.2)
      thor (>= 0.14.6)
    guard-bundler (1.0.0)
      bundler (~> 1.0)
      guard (~> 1.1)
    guard-test (0.5.0)
      guard (>= 1.1.0)
      test-unit (~> 2.2)
    i18n (0.6.1)
    listen (0.4.4)
      rb-fchange (~> 0.0.5)
      rb-fsevent (~> 0.9.1)
      rb-inotify (~> 0.8.8)
    multi_json (1.7.7)
    rake (0.9.6)
    rb-fchange (0.0.5)
      ffi
    rb-fsevent (0.9.1)
    rb-inotify (0.8.8)
      ffi (>= 0.5.0)
    ruby-graphviz (1.0.9)
    taskwarrior (0.0.6)
      activemodel (~> 3.2)
      multi_json (~> 1.3)
    test-unit (2.5.0)
    thor (0.15.3)
    trollop (1.16.2)
    twtest (0.0.6)

PLATFORMS
  ruby

DEPENDENCIES
  guard-bundler (~> 1.0)
  guard-test (~> 0.5)
  rake (~> 0.9)
  twdeps!
  twtest (~> 0.0.6)
