PATH
  remote: .
  specs:
    twdeps (0.0.4)
      ruby-graphviz (>= 1.0.7, < 1.3.0)
      taskwarrior (~> 0.0.6)
      trollop (~> 1)

GEM
  remote: https://rubygems.org/
  specs:
    activemodel (3.2.22.5)
      activesupport (= 3.2.22.5)
      builder (~> 3.0.0)
    activesupport (3.2.22.5)
      i18n (~> 0.6, >= 0.6.4)
      multi_json (~> 1.0)
    builder (3.0.4)
    coderay (1.1.2)
    concurrent-ruby (1.0.5)
    ffi (1.9.18)
    formatador (0.2.5)
    guard (1.8.2)
      formatador (>= 0.2.4)
      listen (>= 1.0.0)
      lumberjack (>= 1.0.2)
      pry (>= 0.9.10)
      thor (>= 0.14.6)
    guard-bundler (1.0.0)
      bundler (~> 1.0)
      guard (~> 1.1)
    guard-test (0.8.0)
      guard (>= 1.1)
      test-unit (~> 2.2)
    i18n (0.9.1)
      concurrent-ruby (~> 1.0)
    listen (3.1.5)
      rb-fsevent (~> 0.9, >= 0.9.4)
      rb-inotify (~> 0.9, >= 0.9.7)
      ruby_dep (~> 1.2)
    lumberjack (1.0.12)
    method_source (0.9.0)
    multi_json (1.12.2)
    pry (0.11.2)
      coderay (~> 1.1.0)
      method_source (~> 0.9.0)
    rake (0.9.6)
    rb-fsevent (0.10.2)
    rb-inotify (0.9.10)
      ffi (>= 0.5.0, < 2)
    ruby-graphviz (1.2.3)
    ruby_dep (1.5.0)
    taskwarrior (0.0.6)
      activemodel (~> 3.2)
      multi_json (~> 1.3)
    test-unit (2.5.5)
    thor (0.20.0)
    trollop (1.16.2)
    twtest (0.0.7)

PLATFORMS
  ruby

DEPENDENCIES
  guard-bundler (~> 1.0)
  guard-test (~> 0.5)
  rake (~> 0.9)
  twdeps!
  twtest (~> 0.0.6)

BUNDLED WITH
   1.15.4
